GEM
  remote: http://rubygems.org/
  specs:
    choice (0.1.6)
    mini_portile2 (2.4.0)
    net-sftp (2.1.1)
      net-ssh (>= 2.6.5)
    net-ssh (2.6.5)
    nokogiri (1.10.10)
      mini_portile2 (~> 2.4.0)

PLATFORMS
  ruby

DEPENDENCIES
  choice
  net-sftp
  nokogiri
